GEM
  remote: http://rubygems.org/
  specs:
    highline (1.6.11)
    json (2.3.0)
    progressbar (0.10.0)

PLATFORMS
  ruby

DEPENDENCIES
  highline
  json
  progressbar
